GEM
  remote: http://rubygems.org/
  specs:
    rb-fsevent (0.4.3.1)
    sass (3.1.10)

PLATFORMS
  ruby

DEPENDENCIES
  rb-fsevent
  sass
